GEM
  remote: http://rubygems.org/
  specs:
    bson (1.7.0)
    bson_ext (1.7.0)
      bson (~> 1.7.0)
    coffee-script (2.2.0)
      coffee-script-source
      execjs
    coffee-script-source (1.3.3)
    diff-lcs (1.1.3)
    execjs (1.4.0)
      multi_json (~> 1.0)
    haml (3.1.7)
    hike (1.2.1)
    mongo (1.7.0)
      bson (~> 1.7.0)
    multi_json (1.3.6)
    rack (1.4.1)
    rack-protection (1.2.0)
      rack
    rspec (2.11.0)
      rspec-core (~> 2.11.0)
      rspec-expectations (~> 2.11.0)
      rspec-mocks (~> 2.11.0)
    rspec-core (2.11.1)
    rspec-expectations (2.11.3)
      diff-lcs (~> 1.1.3)
    rspec-mocks (2.11.2)
    sass (3.2.1)
    sinatra (1.3.3)
      rack (~> 1.3, >= 1.3.6)
      rack-protection (~> 1.2)
      tilt (~> 1.3, >= 1.3.3)
    sprockets (2.4.5)
      hike (~> 1.2)
      multi_json (~> 1.0)
      rack (~> 1.0)
      tilt (~> 1.1, != 1.3.0)
    tilt (1.3.3)

PLATFORMS
  ruby

DEPENDENCIES
  bson
  bson_ext
  coffee-script
  haml
  mongo
  rspec
  sass
  sinatra
  sprockets
